GIT
  remote: https://github.com/rubykube/vault-rails
  revision: 167283b25c34ba8a61ce2ad505f68dced3189f43
  specs:
    vault-rails (0.6.0)
      rails (>= 4.1)
      vault (~> 0.14)

GEM
  remote: https://rubygems.org/
  specs:
    actioncable (7.1.5.1)
      actionpack (= 7.1.5.1)
      activesupport (= 7.1.5.1)
      nio4r (~> 2.0)
      websocket-driver (>= 0.6.1)
      zeitwerk (~> 2.6)
    actionmailbox (7.1.5.1)
      actionpack (= 7.1.5.1)
      activejob (= 7.1.5.1)
      activerecord (= 7.1.5.1)
      activestorage (= 7.1.5.1)
      activesupport (= 7.1.5.1)
      mail (>= 2.7.1)
      net-imap
      net-pop
      net-smtp
    actionmailer (7.1.5.1)
      actionpack (= 7.1.5.1)
      actionview (= 7.1.5.1)
      activejob (= 7.1.5.1)
      activesupport (= 7.1.5.1)
      mail (~> 2.5, >= 2.5.4)
      net-imap
      net-pop
      net-smtp
      rails-dom-testing (~> 2.2)
    actionpack (7.1.5.1)
      actionview (= 7.1.5.1)
      activesupport (= 7.1.5.1)
      nokogiri (>= 1.8.5)
      racc
      rack (>= 2.2.4)
      rack-session (>= 1.0.1)
      rack-test (>= 0.6.3)
      rails-dom-testing (~> 2.2)
      rails-html-sanitizer (~> 1.6)
    actiontext (7.1.5.1)
      actionpack (= 7.1.5.1)
      activerecord (= 7.1.5.1)
      activestorage (= 7.1.5.1)
      activesupport (= 7.1.5.1)
      globalid (>= 0.6.0)
      nokogiri (>= 1.8.5)
    actionview (7.1.5.1)
      activesupport (= 7.1.5.1)
      builder (~> 3.1)
      erubi (~> 1.11)
      rails-dom-testing (~> 2.2)
      rails-html-sanitizer (~> 1.6)
    activejob (7.1.5.1)
      activesupport (= 7.1.5.1)
      globalid (>= 0.3.6)
    activemodel (7.1.5.1)
      activesupport (= 7.1.5.1)
    activerecord (7.1.5.1)
      activemodel (= 7.1.5.1)
      activesupport (= 7.1.5.1)
      timeout (>= 0.4.0)
    activestorage (7.1.5.1)
      actionpack (= 7.1.5.1)
      activejob (= 7.1.5.1)
      activerecord (= 7.1.5.1)
      activesupport (= 7.1.5.1)
      marcel (~> 1.0)
    activesupport (7.1.5.1)
      base64
      benchmark (>= 0.3)
      bigdecimal
      concurrent-ruby (~> 1.0, >= 1.0.2)
      connection_pool (>= 2.2.5)
      drb
      i18n (>= 1.6, < 2)
      logger (>= 1.4.2)
      minitest (>= 5.1)
      mutex_m
      securerandom (>= 0.3)
      tzinfo (~> 2.0)
    addressable (2.8.7)
      public_suffix (>= 2.0.2, < 7.0)
    aliyun-sdk (0.7.3)
      nokogiri (~> 1.6)
      rest-client (~> 2.0)
    amq-protocol (2.3.3)
    amqp (1.8.0)
      amq-protocol (>= 2.2.0)
      eventmachine
    annotate (3.2.0)
      activerecord (>= 3.2, < 8.0)
      rake (>= 10.4, < 14.0)
    api-pagination (6.0.0)
    aws-eventstream (1.3.2)
    aws-sigv4 (1.11.0)
      aws-eventstream (~> 1, >= 1.0.2)
    base58 (0.2.3)
    base64 (0.2.0)
    bcrypt (3.1.20)
    benchmark (0.4.0)
    bigdecimal (3.1.9)
    bindex (0.8.1)
    blake2b (0.10.0)
    bootsnap (1.18.4)
      msgpack (~> 1.2)
    browser (6.2.0)
    builder (3.3.0)
    bump (0.10.0)
    bunny (2.23.0)
      amq-protocol (~> 2.3, >= 2.3.1)
      sorted_set (~> 1, >= 1.0.2)
    byebug (11.1.3)
    cancancan (3.6.1)
    capybara (3.40.0)
      addressable
      matrix
      mini_mime (>= 0.1.3)
      nokogiri (~> 1.11)
      rack (>= 1.6.0)
      rack-test (>= 0.6.3)
      regexp_parser (>= 1.5, < 3.0)
      xpath (~> 3.2)
    carrierwave (3.1.1)
      activemodel (>= 6.0.0)
      activesupport (>= 6.0.0)
      addressable (~> 2.6)
      image_processing (~> 1.1)
      marcel (~> 1.0.0)
      ssrf_filter (~> 1.0)
    clamp (1.3.2)
    coderay (1.1.3)
    concurrent-ruby (1.3.5)
    connection_pool (2.5.0)
    cookiejar (0.3.4)
    countries (7.1.1)
      unaccent (~> 0.3)
    crass (1.0.6)
    daemons (1.4.1)
    database_cleaner (2.0.2)
      database_cleaner-active_record (>= 2, < 3)
    database_cleaner-active_record (2.2.0)
      activerecord (>= 5.a)
      database_cleaner-core (~> 2.0.0)
    database_cleaner-core (2.0.1)
    date (3.4.1)
    declarative (0.0.20)
    diff-lcs (1.6.1)
    domain_name (0.6.20240107)
    dotenv (3.1.7)
    dotenv-rails (3.1.7)
      dotenv (= 3.1.7)
      railties (>= 6.1)
    drb (2.2.1)
    dry-core (1.1.0)
      concurrent-ruby (~> 1.0)
      logger
      zeitwerk (~> 2.6)
    dry-inflector (1.2.0)
    dry-logic (1.6.0)
      bigdecimal
      concurrent-ruby (~> 1.0)
      dry-core (~> 1.1)
      zeitwerk (~> 2.6)
    dry-types (1.8.2)
      bigdecimal (~> 3.0)
      concurrent-ruby (~> 1.0)
      dry-core (~> 1.0)
      dry-inflector (~> 1.0)
      dry-logic (~> 1.4)
      zeitwerk (~> 2.6)
    ed25519 (1.2.4)
    em-http-request (1.1.7)
      addressable (>= 2.3.4)
      cookiejar (!= 0.3.1)
      em-socksify (>= 0.3)
      eventmachine (>= 1.0.3)
      http_parser.rb (>= 0.6.0)
    em-socksify (0.3.3)
      base64
      eventmachine (>= 1.0.0.beta.4)
    em-synchrony (1.0.6)
      eventmachine (>= 1.0.0.beta.1)
    em-websocket (0.5.3)
      eventmachine (>= 0.12.9)
      http_parser.rb (~> 0)
    email_validator (1.6.0)
      activemodel
    erubi (1.13.1)
    eventmachine (1.2.7)
    excon (0.112.0)
    execjs (2.10.0)
    factory_bot (6.2.1)
      activesupport (>= 5.0.0)
    factory_bot_rails (6.2.0)
      factory_bot (~> 6.2.0)
      railties (>= 5.0.0)
    faker (2.23.0)
      i18n (>= 1.8.11, < 2)
    faraday (1.10.4)
      faraday-em_http (~> 1.0)
      faraday-em_synchrony (~> 1.0)
      faraday-excon (~> 1.1)
      faraday-httpclient (~> 1.0)
      faraday-multipart (~> 1.0)
      faraday-net_http (~> 1.0)
      faraday-net_http_persistent (~> 1.0)
      faraday-patron (~> 1.0)
      faraday-rack (~> 1.0)
      faraday-retry (~> 1.0)
      ruby2_keywords (>= 0.0.4)
    faraday-em_http (1.0.0)
    faraday-em_synchrony (1.0.0)
    faraday-excon (1.1.0)
    faraday-httpclient (1.0.1)
    faraday-multipart (1.1.0)
      multipart-post (~> 2.0)
    faraday-net_http (1.0.2)
    faraday-net_http_persistent (1.2.0)
    faraday-patron (1.0.0)
    faraday-rack (1.0.0)
    faraday-retry (1.0.3)
    faye (1.4.0)
      cookiejar (>= 0.3.0)
      em-http-request (>= 1.1.6)
      eventmachine (>= 0.12.0)
      faye-websocket (>= 0.11.0)
      multi_json (>= 1.0.0)
      rack (>= 1.0.0)
      websocket-driver (>= 0.5.1)
    faye-websocket (0.11.3)
      eventmachine (>= 0.12.0)
      websocket-driver (>= 0.5.1)
    ffi (1.17.1-x86_64-linux-gnu)
    fog-aliyun (0.3.18)
      aliyun-sdk (~> 0.7.3)
      fog-core
      fog-json
      ipaddress (~> 0.8)
      xml-simple (~> 1.1)
    fog-aws (3.24.0)
      fog-core (~> 2.1)
      fog-json (~> 1.1)
      fog-xml (~> 0.1)
    fog-core (2.1.2)
      builder
      excon (~> 0.58)
      formatador (~> 0.2)
      mime-types
    fog-google (1.20.0)
      fog-core (< 2.3)
      fog-json (~> 1.2)
      fog-xml (~> 0.1.0)
      google-apis-compute_v1 (~> 0.53)
      google-apis-dns_v1 (~> 0.28)
      google-apis-iamcredentials_v1 (~> 0.15)
      google-apis-monitoring_v3 (~> 0.37)
      google-apis-pubsub_v1 (~> 0.30)
      google-apis-sqladmin_v1beta4 (~> 0.38)
      google-apis-storage_v1 (~> 0.20)
      google-cloud-env (~> 1.2)
    fog-json (1.2.0)
      fog-core
      multi_json (~> 1.10)
    fog-xml (0.1.5)
      fog-core
      nokogiri (>= 1.5.11, < 2.0.0)
    formatador (0.3.0)
    gli (2.22.2)
      ostruct
    globalid (1.2.1)
      activesupport (>= 6.1)
    google-apis-compute_v1 (0.86.0)
      google-apis-core (>= 0.11.0, < 2.a)
    google-apis-core (0.11.3)
      addressable (~> 2.5, >= 2.5.1)
      googleauth (>= 0.16.2, < 2.a)
      httpclient (>= 2.8.1, < 3.a)
      mini_mime (~> 1.0)
      representable (~> 3.0)
      retriable (>= 2.0, < 4.a)
      rexml
    google-apis-dns_v1 (0.36.0)
      google-apis-core (>= 0.11.0, < 2.a)
    google-apis-iamcredentials_v1 (0.17.0)
      google-apis-core (>= 0.11.0, < 2.a)
    google-apis-monitoring_v3 (0.54.0)
      google-apis-core (>= 0.11.0, < 2.a)
    google-apis-pubsub_v1 (0.45.0)
      google-apis-core (>= 0.11.0, < 2.a)
    google-apis-sqladmin_v1beta4 (0.61.0)
      google-apis-core (>= 0.11.0, < 2.a)
    google-apis-storage_v1 (0.32.0)
      google-apis-core (>= 0.11.0, < 2.a)
    google-cloud-env (1.6.0)
      faraday (>= 0.17.3, < 3.0)
    googleauth (1.8.1)
      faraday (>= 0.17.3, < 3.a)
      jwt (>= 1.4, < 3.0)
      multi_json (~> 1.11)
      os (>= 0.9, < 2.0)
      signet (>= 0.16, < 2.a)
    grape (2.3.0)
      activesupport (>= 6)
      dry-types (>= 1.1)
      mustermann-grape (~> 1.1.0)
      rack (>= 2)
      zeitwerk
    grape-entity (1.0.1)
      activesupport (>= 3.0.0)
      multi_json (>= 1.3.2)
    grape-swagger (2.1.2)
      grape (>= 1.7, < 3.0)
      rack-test (~> 2)
    grape-swagger-entity (0.5.3)
      grape-entity (>= 0.6.0)
      grape-swagger (>= 1.2.0)
    grape_logging (1.8.4)
      grape
      rack
    grape_on_rails_routes (0.3.2)
      rails (>= 3.1.1)
    hiredis (0.6.3)
    http-accept (1.7.0)
    http-cookie (1.0.8)
      domain_name (~> 0.5)
    http_parser.rb (0.8.0)
    httpclient (2.9.0)
      mutex_m
    i18n (1.14.7)
      concurrent-ruby (~> 1.0)
    image_processing (1.14.0)
      mini_magick (>= 4.9.5, < 6)
      ruby-vips (>= 2.0.17, < 3)
    io-console (0.8.0)
    ipaddress (0.8.3)
    irb (1.15.2)
      pp (>= 0.6.0)
      rdoc (>= 4.0.0)
      reline (>= 0.4.2)
    json (2.10.1)
    jwt (2.5.0)
    jwt-multisig (1.0.6)
      activesupport (>= 4.0)
      jwt (~> 2.2)
    kaminari (1.2.2)
      activesupport (>= 4.1.0)
      kaminari-actionview (= 1.2.2)
      kaminari-activerecord (= 1.2.2)
      kaminari-core (= 1.2.2)
    kaminari-actionview (1.2.2)
      actionview
      kaminari-core (= 1.2.2)
    kaminari-activerecord (1.2.2)
      activerecord
      kaminari-core (= 1.2.2)
    kaminari-core (1.2.2)
    kycaid (1.0.2)
      faraday
      json
    libv8-node (23.6.1.0-x86_64-linux)
    listen (3.0.8)
      rb-fsevent (~> 0.9, >= 0.9.4)
      rb-inotify (~> 0.9, >= 0.9.7)
    logger (1.7.0)
    loofah (2.24.0)
      crass (~> 1.0.2)
      nokogiri (>= 1.12.0)
    mail (2.8.1)
      mini_mime (>= 0.1.1)
      net-imap
      net-pop
      net-smtp
    marcel (1.0.4)
    matrix (0.4.2)
    maxmind-db (1.3.2)
    memoist (0.16.2)
    method_source (1.1.0)
    mime-types (3.6.0)
      logger
      mime-types-data (~> 3.2015)
    mime-types-data (3.2025.0304)
    mini_magick (5.2.0)
      benchmark
      logger
    mini_mime (1.1.5)
    mini_racer (0.18.0)
      libv8-node (~> 23.6.1.0)
    minitest (5.25.5)
    msgpack (1.8.0)
    multi_json (1.15.0)
    multipart-post (2.4.1)
    mustermann (3.0.3)
      ruby2_keywords (~> 0.0.1)
    mustermann-grape (1.1.0)
      mustermann (>= 1.0.0)
    mutex_m (0.3.0)
    mysql2 (0.5.6)
    net-imap (0.5.6)
      date
      net-protocol
    net-pop (0.1.2)
      net-protocol
    net-protocol (0.2.2)
      timeout
    net-smtp (0.5.1)
      net-protocol
    netrc (0.11.0)
    nio4r (2.7.4)
    nokogiri (1.18.7-x86_64-linux-gnu)
      racc (~> 1.4)
    os (1.1.4)
    ostruct (0.6.1)
    peatio (3.1.1)
      activemodel (> 5.2)
      amqp
      bunny
      clamp
      em-synchrony (~> 1.0)
      em-websocket
      eventmachine
      faraday (~> 1.10)
      faye (~> 1.2)
      jwt
      mysql2
      prometheus-client
      thin
    pg (1.5.9)
    phonelib (0.10.5)
    pp (0.6.2)
      prettyprint
    prettyprint (0.2.0)
    prometheus-client (4.2.4)
      base64
    pry (0.14.2)
      coderay (~> 1.1)
      method_source (~> 1.0)
    pry-byebug (3.10.1)
      byebug (~> 11.0)
      pry (>= 0.13, < 0.15)
    pry-rails (0.3.11)
      pry (>= 0.13.0)
    psych (5.2.3)
      date
      stringio
    public_suffix (6.0.1)
    puma (4.3.12)
      nio4r (~> 2.0)
    racc (1.8.1)
    rack (2.2.13)
    rack-attack (6.7.0)
      rack (>= 1.0, < 4)
    rack-cors (1.0.6)
      rack (>= 1.6.0)
    rack-session (1.0.2)
      rack (< 3)
    rack-test (2.2.0)
      rack (>= 1.3)
    rackup (1.0.1)
      rack (< 3)
      webrick
    rails (7.1.5.1)
      actioncable (= 7.1.5.1)
      actionmailbox (= 7.1.5.1)
      actionmailer (= 7.1.5.1)
      actionpack (= 7.1.5.1)
      actiontext (= 7.1.5.1)
      actionview (= 7.1.5.1)
      activejob (= 7.1.5.1)
      activemodel (= 7.1.5.1)
      activerecord (= 7.1.5.1)
      activestorage (= 7.1.5.1)
      activesupport (= 7.1.5.1)
      bundler (>= 1.15.0)
      railties (= 7.1.5.1)
    rails-controller-testing (1.0.5)
      actionpack (>= 5.0.1.rc1)
      actionview (>= 5.0.1.rc1)
      activesupport (>= 5.0.1.rc1)
    rails-dom-testing (2.2.0)
      activesupport (>= 5.0.0)
      minitest
      nokogiri (>= 1.6)
    rails-html-sanitizer (1.6.2)
      loofah (~> 2.21)
      nokogiri (>= 1.15.7, != 1.16.7, != 1.16.6, != 1.16.5, != 1.16.4, != 1.16.3, != 1.16.2, != 1.16.1, != 1.16.0.rc1, != 1.16.0)
    railties (7.1.5.1)
      actionpack (= 7.1.5.1)
      activesupport (= 7.1.5.1)
      irb
      rackup (>= 1.0.0)
      rake (>= 12.2)
      thor (~> 1.0, >= 1.2.2)
      zeitwerk (~> 2.6)
    rake (13.2.1)
    rb-fsevent (0.11.2)
    rb-inotify (0.11.1)
      ffi (~> 1.0)
    rbtree (0.4.6)
    rdoc (6.13.1)
      psych (>= 4.0.0)
    recaptcha (5.19.0)
    redis (4.8.1)
    redis-client (0.24.0)
      connection_pool
    regexp_parser (2.10.0)
    reline (0.6.1)
      io-console (~> 0.5)
    representable (3.2.0)
      declarative (< 0.1.0)
      trailblazer-option (>= 0.1.1, < 0.2.0)
      uber (< 0.2.0)
    rest-client (2.1.0)
      http-accept (>= 1.7.0, < 2.0)
      http-cookie (>= 1.0.2, < 2.0)
      mime-types (>= 1.16, < 4.0)
      netrc (~> 0.8)
    retriable (3.1.2)
    rexml (3.4.1)
    rspec-core (3.13.3)
      rspec-support (~> 3.13.0)
    rspec-expectations (3.13.3)
      diff-lcs (>= 1.2.0, < 2.0)
      rspec-support (~> 3.13.0)
    rspec-mocks (3.13.2)
      diff-lcs (>= 1.2.0, < 2.0)
      rspec-support (~> 3.13.0)
    rspec-rails (7.1.1)
      actionpack (>= 7.0)
      activesupport (>= 7.0)
      railties (>= 7.0)
      rspec-core (~> 3.13)
      rspec-expectations (~> 3.13)
      rspec-mocks (~> 3.13)
      rspec-support (~> 3.13)
    rspec-support (3.13.2)
    ruby-vips (2.2.3)
      ffi (~> 1.12)
      logger
    ruby2_keywords (0.0.5)
    securerandom (0.4.1)
    sentry-ruby (5.23.0)
      bigdecimal
      concurrent-ruby (~> 1.0, >= 1.0.2)
    set (1.1.1)
    shoulda-matchers (6.4.0)
      activesupport (>= 5.2.0)
    sidekiq (7.3.9)
      base64
      connection_pool (>= 2.3.0)
      logger
      rack (>= 2.2.4)
      redis-client (>= 0.22.2)
    signet (0.19.0)
      addressable (~> 2.8)
      faraday (>= 0.17.5, < 3.a)
      jwt (>= 1.5, < 3.0)
      multi_json (~> 1.10)
    simpleidn (0.2.3)
    sorted_set (1.0.3)
      rbtree
      set (~> 1.0)
    ssrf_filter (1.2.0)
    stringio (3.1.6)
    strong_password (0.0.10)
    thin (1.8.2)
      daemons (~> 1.0, >= 1.0.9)
      eventmachine (~> 1.0, >= 1.0.4)
      rack (>= 1, < 3)
    thor (1.3.2)
    timeout (0.4.3)
    trailblazer-option (0.1.2)
    twilio-ruby (7.5.1)
      benchmark
      faraday (>= 0.9, < 3.0)
      jwt (>= 1.5, < 3.0)
      nokogiri (>= 1.6, < 2.0)
      ostruct
    tzinfo (2.0.6)
      concurrent-ruby (~> 1.0)
    uber (0.1.0)
    uglifier (4.2.1)
      execjs (>= 0.3.0, < 3)
    unaccent (0.4.0)
    validates_email_format_of (1.8.2)
      i18n (>= 0.8.0)
      simpleidn
    vault (0.18.2)
      aws-sigv4
    web-console (3.7.0)
      actionview (>= 5.0)
      activemodel (>= 5.0)
      bindex (>= 0.4.0)
      railties (>= 5.0)
    webrick (1.9.1)
    websocket-driver (0.7.7)
      base64
      websocket-extensions (>= 0.1.0)
    websocket-extensions (0.1.5)
    xml-simple (1.1.9)
      rexml
    xpath (3.2.0)
      nokogiri (~> 1.8)
    zeitwerk (2.7.2)

PLATFORMS
  x86_64-linux

DEPENDENCIES
  aliyun-sdk (~> 0.7.0)
  annotate (~> 3.2)
  api-pagination (~> 6.0)
  base58 (~> 0.2.3)
  bcrypt (~> 3.1)
  blake2b (~> 0.10.0)
  bootsnap (>= 1.1.0)
  browser
  bump
  bunny
  byebug
  cancancan (~> 3.6, >= 3.6.1)
  capybara (>= 3.29.0)
  carrierwave (~> 3.1, >= 3.1.1)
  countries
  database_cleaner (~> 2.0.1)
  dotenv-rails
  ed25519 (~> 1.2.4)
  email_validator (= 1.6.0)
  factory_bot_rails (~> 6.2.0)
  faker (~> 2.1)
  fog-aliyun (~> 0.3.5)
  fog-aws (~> 3.24.0)
  fog-core (~> 2.1.0)
  fog-google (~> 1.20.0)
  gli (~> 2.22, >= 2.22.2)
  grape (~> 2.3)
  grape-entity (~> 1.0, >= 1.0.1)
  grape-swagger (~> 2.1, >= 2.1.2)
  grape-swagger-entity (~> 0.5)
  grape_logging (~> 1.8)
  grape_on_rails_routes (~> 0.3.2)
  hiredis (~> 0.6.1)
  jwt (~> 2.2)
  jwt-multisig (~> 1.0, >= 1.0.4)
  kaminari (>= 1.2.1)
  kycaid
  listen (>= 3.0.5, < 3.2)
  maxmind-db (~> 1.3.2)
  memoist (~> 0.16)
  mini_racer
  mysql2 (>= 0.4.4, < 0.6.0)
  peatio (~> 3.1, >= 3.1.1)
  pg (~> 1.2)
  phonelib (~> 0.10.3)
  pry-byebug
  pry-rails
  puma (~> 4.3.8)
  rack-attack (>= 6.7.0)
  rack-cors (~> 1.0.2)
  rails (~> 7.1.0)
  rails-controller-testing (>= 1.0.5)
  recaptcha (>= 5.2.1)
  redis (~> 4.0)
  rspec-rails (~> 7.1, >= 7.1.1)
  sentry-ruby (~> 5.14)
  shoulda-matchers (~> 6.4)
  sidekiq (>= 6.0.7)
  strong_password (~> 0.0.8)
  twilio-ruby (>= 5.31.2)
  uglifier (>= 1.3.0)
  validates_email_format_of (~> 1.8, >= 1.8.2)
  vault (~> 0.1)
  vault-rails!
  web-console (>= 3.7.0)

RUBY VERSION
   ruby 3.3.0p0

BUNDLED WITH
   2.5.13
